GEM
  remote: https://rubygems.org/
  specs:
    ast (2.4.2)
    aws-eventstream (1.2.0)
    aws-partitions (1.681.0)
    aws-sdk-core (3.168.4)
      aws-eventstream (~> 1, >= 1.0.2)
      aws-partitions (~> 1, >= 1.651.0)
      aws-sigv4 (~> 1.5)
      jmespath (~> 1, >= 1.6.1)
    aws-sdk-kms (1.61.0)
      aws-sdk-core (~> 3, >= 3.165.0)
      aws-sigv4 (~> 1.1)
    aws-sdk-s3 (1.117.2)
      aws-sdk-core (~> 3, >= 3.165.0)
      aws-sdk-kms (~> 1)
      aws-sigv4 (~> 1.4)
    aws-sigv4 (1.5.2)
      aws-eventstream (~> 1, >= 1.0.2)
    bindata (2.4.14)
    concurrent-ruby (1.1.10)
    connection_pool (2.3.0)
    deep_merge (1.2.2)
    diff-lcs (1.5.0)
    docile (1.4.0)
    ipaddr (1.2.5)
    jaro_winkler (1.5.4)
    jmespath (1.6.2)
    openssl (2.2.2)
      ipaddr
    ox (2.14.11)
    parallel (1.22.1)
    parser (3.1.3.0)
      ast (~> 2.4.1)
    powerpack (0.1.3)
    rainbow (3.1.1)
    redis (5.0.5)
      redis-client (>= 0.9.0)
    redis-client (0.11.2)
      connection_pool
    rspec (3.12.0)
      rspec-core (~> 3.12.0)
      rspec-expectations (~> 3.12.0)
      rspec-mocks (~> 3.12.0)
    rspec-core (3.12.0)
      rspec-support (~> 3.12.0)
    rspec-expectations (3.12.1)
      diff-lcs (>= 1.2.0, < 2.0)
      rspec-support (~> 3.12.0)
    rspec-mocks (3.12.1)
      diff-lcs (>= 1.2.0, < 2.0)
      rspec-support (~> 3.12.0)
    rspec-support (3.12.0)
    rubocop (0.63.1)
      jaro_winkler (~> 1.5.1)
      parallel (~> 1.10)
      parser (>= 2.5, != 2.5.1.1)
      powerpack (~> 0.1)
      rainbow (>= 2.2.2, < 4.0)
      ruby-progressbar (~> 1.7)
      unicode-display_width (~> 1.4.0)
    ruby-progressbar (1.11.0)
    simplecov (0.21.2)
      docile (~> 1.1)
      simplecov-html (~> 0.11)
      simplecov_json_formatter (~> 0.1)
    simplecov-html (0.12.3)
    simplecov_json_formatter (0.1.4)
    unicode-display_width (1.4.1)
    yaml_extend (0.2.5)
      deep_merge (~> 1.1)
    zlib (3.0.0)

PLATFORMS
  ruby

DEPENDENCIES
  aws-sdk-s3 (~> 1.0)
  bindata (~> 2.4)
  concurrent-ruby (~> 1.1)
  connection_pool (~> 2.2)
  openssl (~> 2.1)
  ox (~> 2.0)
  powerpack (~> 0.1)
  redis (~> 5.0)
  rspec (~> 3.8)
  rubocop (~> 0.63.0)
  simplecov (~> 0.16)
  yaml_extend (~> 0.2)
  zlib (~> 3.0)

BUNDLED WITH
   2.3.26
